GEM
  specs:

GEM
  remote: https://rubygems.org/
  specs:
    awesome_print (1.8.0)
    byebug (11.0.1)
    mini_portile2 (2.8.1)
    nokogiri (1.14.3)
      mini_portile2 (~> 2.8.0)
      racc (~> 1.4)
    nokogiri (1.14.3-x86_64-linux)
      racc (~> 1.4)
    racc (1.6.2)

PLATFORMS
  ruby
  x86_64-linux

DEPENDENCIES
  awesome_print!
  byebug!
  nokogiri (>= 1.12.5)!

RUBY VERSION
   ruby 2.7.4p191

BUNDLED WITH
   2.2.1
