GEM
  remote: https://rubygems.org/
  specs:
    awesome_print (1.8.0)
    byebug (11.0.1)
    mini_portile2 (2.4.0)
    nokogiri (1.10.8)
      mini_portile2 (~> 2.4.0)

PLATFORMS
  ruby
  x86_64-linux

DEPENDENCIES
  awesome_print!
  byebug!
  nokogiri!

RUBY VERSION
   ruby 2.6.5p114

BUNDLED WITH
   2.2.1
