GEM
  specs:

GEM
  remote: https://rubygems.org/
  specs:
    awesome_print (1.9.2)
    byebug (11.1.3)
    nokogiri (1.15.4-x86_64-linux)
      racc (~> 1.4)
    racc (1.7.1)

PLATFORMS
  x86_64-linux

DEPENDENCIES
  awesome_print!
  byebug!
  nokogiri!

RUBY VERSION
   ruby 3.2.2p53

BUNDLED WITH
   2.4.10
