GEM
  remote: https://rubygems.org/
  specs:
    awesome_print (1.8.0)
    byebug (11.0.1)
    nokogiri (1.12.5-x86_64-linux)
      racc (~> 1.4)
    racc (1.6.0)

PLATFORMS
  ruby
  x86_64-linux

DEPENDENCIES
  awesome_print!
  byebug!
  nokogiri (>= 1.12.5)!

RUBY VERSION
   ruby 2.6.5p114

BUNDLED WITH
   2.2.1
